GEM
  remote: https://rubygems.org/
  specs:
    colorize (0.8.1)

PLATFORMS
  aarch64-linux-android
  x86_64-linux

DEPENDENCIES
  colorize (~> 0.8.1)

BUNDLED WITH
   2.4.12
